GEM
  remote: http://rubygems.org/
  specs:
    foreman (0.60.2)
      thor (>= 0.13.6)
    rack (2.2.2)
    rack-proxy (0.6.5)
      rack
    rack-reverse-proxy (0.12.0)
      rack (>= 1.0.0)
      rack-proxy (~> 0.6, >= 0.6.1)
    thor (0.16.0)

PLATFORMS
  ruby

DEPENDENCIES
  foreman
  rack-reverse-proxy (>= 0.4.4)

BUNDLED WITH
   1.17.3
